PATH
  remote: .
  specs:
    pod-target (0.1.1)
      thor
      xcodeproj (~> 1.7)

GEM
  remote: https://rubygems.org/
  specs:
    CFPropertyList (3.0.3)
    atomos (0.1.3)
    claide (1.0.3)
    colored2 (3.1.2)
    diff-lcs (1.4.4)
    equatable (0.5.0)
    nanaimo (0.3.0)
    necromancer (0.3.0)
    pastel (0.6.1)
      equatable (~> 0.5.0)
      tty-color (~> 0.3.0)
    rake (12.3.3)
    rspec (3.10.0)
      rspec-core (~> 3.10.0)
      rspec-expectations (~> 3.10.0)
      rspec-mocks (~> 3.10.0)
    rspec-core (3.10.1)
      rspec-support (~> 3.10.0)
    rspec-expectations (3.10.1)
      diff-lcs (>= 1.2.0, < 2.0)
      rspec-support (~> 3.10.0)
    rspec-mocks (3.10.2)
      diff-lcs (>= 1.2.0, < 2.0)
      rspec-support (~> 3.10.0)
    rspec-support (3.10.2)
    thor (1.1.0)
    tty (0.5.0)
      equatable (~> 0.5.0)
      pastel (~> 0.6.0)
      tty-color (~> 0.3.0)
      tty-command (~> 0.1.0)
      tty-cursor (~> 0.3.0)
      tty-pager (~> 0.4.0)
      tty-platform (~> 0.1.0)
      tty-progressbar (~> 0.9.0)
      tty-prompt (~> 0.6.0)
      tty-screen (~> 0.5.0)
      tty-spinner (~> 0.2.0)
      tty-table (~> 0.5.0)
      tty-which (~> 0.1.0)
    tty-color (0.3.0)
    tty-command (0.1.0)
      pastel (~> 0.6.0)
    tty-cursor (0.3.0)
    tty-pager (0.4.0)
      tty-screen (~> 0.5.0)
      tty-which (~> 0.1.0)
      verse (~> 0.4.0)
    tty-platform (0.1.0)
    tty-progressbar (0.9.0)
      tty-screen (~> 0.5.0)
    tty-prompt (0.6.0)
      necromancer (~> 0.3.0)
      pastel (~> 0.6.0)
      tty-cursor (~> 0.3.0)
      tty-platform (~> 0.1.0)
      wisper (~> 1.6.1)
    tty-screen (0.5.1)
    tty-spinner (0.2.0)
    tty-table (0.5.0)
      equatable (~> 0.5.0)
      necromancer (~> 0.3.0)
      pastel (~> 0.6.0)
      tty-screen (~> 0.5.0)
      unicode_utils (~> 1.4.0)
      verse (~> 0.4.0)
    tty-which (0.1.0)
    unicode_utils (1.4.0)
    verse (0.4.0)
      unicode_utils (~> 1.4.0)
    wisper (1.6.1)
    xcodeproj (1.19.0)
      CFPropertyList (>= 2.3.3, < 4.0)
      atomos (~> 0.1.3)
      claide (>= 1.0.2, < 2.0)
      colored2 (~> 3.1)
      nanaimo (~> 0.3.0)

PLATFORMS
  ruby

DEPENDENCIES
  pod-target!
  rake (~> 12.0)
  rspec (~> 3.0)
  tty

BUNDLED WITH
   2.1.2
